Brain Vision Data Exchange Header File Version 1.0
; Data created by the Vision Recorder

[Common Infos]
Codepage=UTF-8
DataFile=Manish_alpha_Hypnotism.eeg
MarkerFile=Manish_alpha_Hypnotism.vmrk
DataFormat=BINARY
; Data orientation: MULTIPLEXED=ch1,pt1, ch2,pt1 ...
DataOrientation=MULTIPLEXED
NumberOfChannels=5
; Sampling interval in microseconds
SamplingInterval=1000

[Binary Infos]
BinaryFormat=INT_16

[Channel Infos]
; Each entry: Ch<Channel number>=<Name>,<Reference channel name>,
; <Resolution in "Unit">,<Unit>, Future extensions..
; Fields are delimited by commas, some fields might be omitted (empty).
; Commas in channel names are coded as "\1".
Ch1=PO9,,0.1,µV
Ch2=O1,,0.1,µV
Ch3=Oz,,0.1,µV
Ch4=O2,,0.1,µV
Ch5=PO10,,0.1,µV
